GEM
  remote: http://rubygems.org/
  specs:
    aaronh-chronic (0.3.9)
    abstract (1.0.0)
    acl9 (0.12.0)
    actionmailer (3.0.3)
      actionpack (= 3.0.3)
      mail (~> 2.2.9)
    actionpack (3.0.3)
      activemodel (= 3.0.3)
      activesupport (= 3.0.3)
      builder (~> 2.1.2)
      erubis (~> 2.6.6)
      i18n (~> 0.4)
      rack (~> 1.2.1)
      rack-mount (~> 0.6.13)
      rack-test (~> 0.5.6)
      tzinfo (~> 0.3.23)
    activemodel (3.0.3)
      activesupport (= 3.0.3)
      builder (~> 2.1.2)
      i18n (~> 0.4)
    activerecord (3.0.3)
      activemodel (= 3.0.3)
      activesupport (= 3.0.3)
      arel (~> 2.0.2)
      tzinfo (~> 0.3.23)
    activerecord-import (0.2.3)
      activerecord (~> 3.0.0)
    activeresource (3.0.3)
      activemodel (= 3.0.3)
      activesupport (= 3.0.3)
    activesupport (3.0.3)
    admin_data (1.1.10)
      will_paginate (>= 3.0.pre2)
    arel (2.0.6)
    authlogic (2.1.6)
      activesupport
    builder (2.1.2)
    capistrano (2.5.19)
      highline
      net-scp (>= 1.0.0)
      net-sftp (>= 2.0.0)
      net-ssh (>= 2.0.14)
      net-ssh-gateway (>= 1.0.0)
    erubis (2.6.6)
      abstract (>= 1.0.0)
    escape (0.0.4)
    faker (0.9.4)
      i18n (~> 0.4)
    fastercsv (1.5.3)
    formtastic (1.2.2)
      actionpack (>= 2.3.7)
      activesupport (>= 2.3.7)
      i18n (>= 0.4.0)
    highline (1.6.1)
    hoptoad_notifier (2.3.12)
      activesupport
      builder
    i18n (0.5.0)
    jquery-rails (0.2.6)
      rails (~> 3.0)
      thor (~> 0.14.4)
    mail (2.2.13)
      activesupport (>= 2.3.6)
      i18n (>= 0.4.0)
      mime-types (~> 1.16)
      treetop (~> 1.4.8)
    mime-types (1.16)
    net-scp (1.0.4)
      net-ssh (>= 1.99.1)
    net-sftp (2.0.5)
      net-ssh (>= 2.0.9)
    net-ssh (2.0.23)
    net-ssh-gateway (1.0.1)
      net-ssh (>= 1.99.1)
    newrelic_rpm (2.13.4)
    paperclip (2.3.8)
      activerecord
      activesupport
    pdfkit (0.5.0)
    pg (0.10.0)
    polyglot (0.3.1)
    pr_geohash (1.0.0)
    rack (1.2.1)
    rack-mount (0.6.13)
      rack (>= 1.0.0)
    rack-test (0.5.6)
      rack (>= 1.0)
    rails (3.0.3)
      actionmailer (= 3.0.3)
      actionpack (= 3.0.3)
      activerecord (= 3.0.3)
      activeresource (= 3.0.3)
      activesupport (= 3.0.3)
      bundler (~> 1.0)
      railties (= 3.0.3)
    railties (3.0.3)
      actionpack (= 3.0.3)
      activesupport (= 3.0.3)
      rake (>= 0.8.7)
      thor (~> 0.14.4)
    rake (0.8.7)
    rsolr (0.12.1)
      builder (>= 2.1.2)
    rubyzip (0.9.4)
    serenity-odt (0.2.1)
      rubyzip (>= 0.9.1)
    sunspot (1.2.0)
      escape (= 0.0.4)
      pr_geohash (~> 1.0)
      rsolr (= 0.12.1)
    thor (0.14.6)
    tiny_mce (0.1.4)
    treetop (1.4.9)
      polyglot (>= 0.3.1)
    tzinfo (0.3.23)
    whenever (0.6.2)
      aaronh-chronic (>= 0.3.9)
      activesupport (>= 2.3.4)
    will_paginate (3.0.pre2)

PLATFORMS
  ruby

DEPENDENCIES
  acl9
  activerecord-import
  admin_data
  authlogic
  capistrano
  faker
  fastercsv
  formtastic
  hoptoad_notifier
  jquery-rails (>= 0.2.6)
  newrelic_rpm
  paperclip
  pdfkit
  pg
  rails (= 3.0.3)
  serenity-odt
  sunspot
  tiny_mce
  whenever
