GIT
  remote: git://github.com/adamcooper/vestal_versions
  revision: 6273df533f85014062e346cb1807b0531a809ee2
  specs:
    vestal_versions (1.2.2)
      activerecord (>= 3.0.0)
      activesupport (>= 3.0.0)

GIT
  remote: git://github.com/neerajdotname/admin_data.git
  revision: 0b72c44a3706591572d6e3b18b1bb94b723e450c
  specs:
    admin_data (1.1.13)
      will_paginate (= 3.0.pre2)

GIT
  remote: git://github.com/rspec/rspec-core.git
  revision: f46e00aff4c9aa028991ff57e71d54f3dcd5c307
  specs:
    rspec-core (2.6.4)

GIT
  remote: git://github.com/rspec/rspec-expectations.git
  revision: 3d8cfc76c59ffe42921c4224fb2a25e055e1421a
  specs:
    rspec-expectations (2.6.0)
      diff-lcs (~> 1.1.2)

GIT
  remote: git://github.com/rspec/rspec-mocks.git
  revision: 949c995d01bd2a8b758dbe528c9387a3ab5444c6
  specs:
    rspec-mocks (2.6.0)

GIT
  remote: git://github.com/rspec/rspec-rails.git
  revision: 95dac952a6d3b0a71bac066ca88e5842e1a5eedd
  specs:
    rspec-rails (2.6.1)
      actionpack (~> 3.0)
      activesupport (~> 3.0)
      railties (~> 3.0)
      rspec (~> 2.6.0)

GIT
  remote: git://github.com/rspec/rspec.git
  revision: a10752bd8120f61e6ba7501138a726bca0ba75e4
  specs:
    rspec (2.6.0)
      rspec-core (~> 2.6.0)
      rspec-expectations (~> 2.6.0)
      rspec-mocks (~> 2.6.0)

GEM
  remote: http://rubygems.org/
  specs:
    ZenTest (4.4.2)
    aaronh-chronic (0.3.9)
    abstract (1.0.0)
    acl9 (0.12.0)
    actionmailer (3.0.9)
      actionpack (= 3.0.9)
      mail (~> 2.2.19)
    actionpack (3.0.9)
      activemodel (= 3.0.9)
      activesupport (= 3.0.9)
      builder (~> 2.1.2)
      erubis (~> 2.6.6)
      i18n (~> 0.5.0)
      rack (~> 1.2.1)
      rack-mount (~> 0.6.14)
      rack-test (~> 0.5.7)
      tzinfo (~> 0.3.23)
    activemodel (3.0.9)
      activesupport (= 3.0.9)
      builder (~> 2.1.2)
      i18n (~> 0.5.0)
    activerecord (3.0.9)
      activemodel (= 3.0.9)
      activesupport (= 3.0.9)
      arel (~> 2.0.10)
      tzinfo (~> 0.3.23)
    activerecord-import (0.2.7)
      activerecord (~> 3.0.0)
    activeresource (3.0.9)
      activemodel (= 3.0.9)
      activesupport (= 3.0.9)
    activesupport (3.0.9)
    arel (2.0.10)
    backup (3.0.16)
      thor (~> 0.14.6)
    bcrypt-ruby (2.1.4)
    builder (2.1.2)
    capistrano (2.6.0)
      highline
      net-scp (>= 1.0.0)
      net-sftp (>= 2.0.0)
      net-ssh (>= 2.0.14)
      net-ssh-gateway (>= 1.1.0)
    capybara (1.0.0)
      mime-types (>= 1.16)
      nokogiri (>= 1.3.3)
      rack (>= 1.0.0)
      rack-test (>= 0.5.4)
      selenium-webdriver (~> 0.2.0)
      xpath (~> 0.1.4)
    childprocess (0.2.0)
      ffi (~> 1.0.6)
    cocaine (0.1.0)
    daemons (1.1.4)
    dalli (1.0.5)
    delayed_job (2.1.4)
      activesupport (~> 3.0)
      daemons
    devise (1.4.2)
      bcrypt-ruby (~> 2.1.2)
      orm_adapter (~> 0.0.3)
      warden (~> 1.0.3)
    diff-lcs (1.1.2)
    email_spec (1.2.1)
      mail (~> 2.2)
      rspec (~> 2.0)
    erubis (2.6.6)
      abstract (>= 1.0.0)
    escape (0.0.4)
    factory_girl (1.3.3)
    factory_girl_rails (1.0.1)
      factory_girl (~> 1.3)
      railties (>= 3.0.0)
    faker (0.9.5)
      i18n (~> 0.4)
    fastercsv (1.5.4)
    ffi (1.0.9)
    formtastic (1.2.4)
      actionpack (>= 2.3.7)
      activesupport (>= 2.3.7)
      i18n (~> 0.4)
    haml (3.1.2)
    highline (1.6.2)
    hirb (0.4.5)
    hoptoad_notifier (2.4.11)
      activesupport
      builder
    hpricot (0.8.4)
    i18n (0.5.0)
    jquery-rails (1.0.12)
      railties (~> 3.0)
      thor (~> 0.14)
    json_pure (1.5.3)
    launchy (2.0.3)
    libnotify (0.5.7)
    mail (2.2.19)
      activesupport (>= 2.3.6)
      i18n (>= 0.4.0)
      mime-types (~> 1.16)
      treetop (~> 1.4.8)
    mime-types (1.16)
    net-scp (1.0.4)
      net-ssh (>= 1.99.1)
    net-sftp (2.0.5)
      net-ssh (>= 2.0.9)
    net-ssh (2.1.4)
    net-ssh-gateway (1.1.0)
      net-ssh (>= 1.99.1)
    nokogiri (1.5.0)
    notifier (0.1.3)
    orm_adapter (0.0.5)
    paperclip (2.3.15)
      activerecord (>= 2.3.0)
      activesupport (>= 2.3.2)
      cocaine (>= 0.0.2)
      mime-types
    pdfkit (0.4.6)
    pg (0.11.0)
    polyglot (0.3.1)
    pr_geohash (1.0.0)
    rack (1.2.3)
    rack-mount (0.6.14)
      rack (>= 1.0.0)
    rack-test (0.5.7)
      rack (>= 1.0)
    rails (3.0.9)
      actionmailer (= 3.0.9)
      actionpack (= 3.0.9)
      activerecord (= 3.0.9)
      activeresource (= 3.0.9)
      activesupport (= 3.0.9)
      bundler (~> 1.0)
      railties (= 3.0.9)
    railties (3.0.9)
      actionpack (= 3.0.9)
      activesupport (= 3.0.9)
      rake (>= 0.8.7)
      rdoc (~> 3.4)
      thor (~> 0.14.4)
    rake (0.9.2)
    rb-inotify (0.8.5)
      ffi (>= 0.5.0)
    rdoc (3.8)
    remarkable (4.0.0.alpha4)
      rspec (>= 2.0.0.alpha11)
    remarkable_activemodel (4.0.0.alpha4)
      remarkable (~> 4.0.0.alpha4)
      rspec (>= 2.0.0.alpha11)
    remarkable_activerecord (4.0.0.alpha4)
      remarkable (~> 4.0.0.alpha4)
      remarkable_activemodel (~> 4.0.0.alpha4)
      rspec (>= 2.0.0.alpha11)
    rsolr (0.12.1)
      builder (>= 2.1.2)
    ruby_parser (2.0.6)
      sexp_processor (~> 3.0)
    rubyzip (0.9.4)
    selenium-webdriver (0.2.2)
      childprocess (>= 0.1.9)
      ffi (>= 1.0.7)
      json_pure
      rubyzip
    serenity-odt (0.2.1)
      rubyzip (>= 0.9.1)
    sexp_processor (3.0.5)
    silent-postgres (0.0.8)
    simplecov (0.4.2)
      simplecov-html (~> 0.4.4)
    simplecov-html (0.4.5)
    spork (0.9.0.rc9)
    sunspot (1.2.1)
      escape (= 0.0.4)
      pr_geohash (~> 1.0)
      rsolr (= 0.12.1)
    sunspot_rails (1.2.1)
      nokogiri
      sunspot (= 1.2.1)
    test_notifier (0.3.6)
      notifier
    thor (0.14.6)
    tiny_mce (0.1.4)
    treetop (1.4.9)
      polyglot (>= 0.3.1)
    tzinfo (0.3.29)
    validation_reflection (1.0.0)
    warden (1.0.4)
      rack (>= 1.0)
    webrat (0.7.3)
      nokogiri (>= 1.2.0)
      rack (>= 1.0)
      rack-test (>= 0.5.3)
    whenever (0.6.8)
      aaronh-chronic (>= 0.3.9)
      activesupport (>= 2.3.4)
    will_paginate (3.0.pre2)
    xpath (0.1.4)
      nokogiri (~> 1.3)

PLATFORMS
  ruby

DEPENDENCIES
  ZenTest (~> 4.4.2)
  acl9
  activerecord-import (>= 0.2.0)
  admin_data!
  backup
  capistrano
  capybara
  dalli
  delayed_job
  devise
  email_spec
  factory_girl_rails
  faker
  fastercsv
  formtastic
  haml
  hirb
  hoptoad_notifier
  hpricot
  jquery-rails (>= 0.2.6)
  launchy
  libnotify
  nokogiri
  paperclip
  pdfkit (= 0.4.6)
  pg
  rails (= 3.0.9)
  rb-inotify
  remarkable (>= 4.0.0.alpha2)
  remarkable_activemodel (>= 4.0.0.alpha2)
  remarkable_activerecord (>= 4.0.0.alpha2)
  rspec!
  rspec-core!
  rspec-expectations!
  rspec-mocks!
  rspec-rails!
  ruby_parser
  serenity-odt
  silent-postgres
  simplecov (>= 0.3.8)
  spork (= 0.9.0.rc9)
  sunspot_rails
  test_notifier
  tiny_mce
  validation_reflection
  vestal_versions!
  webrat
  whenever
  will_paginate
