GIT
  remote: git://github.com/bigbinary/admin_data.git
  revision: e1d37f2791671400eafabac1d92f39fe97806b8a
  specs:
    admin_data (1.2.0)
      rails (~> 3.1)
      will_paginate (>= 3.0.0)

GIT
  remote: git://github.com/ctran/annotate_models.git
  revision: ff1131daee8c03dbcc4966b7914b77a7e3a62f02
  specs:
    annotate (2.4.1.beta1)

GIT
  remote: git://github.com/galetahub/simple-captcha.git
  revision: 5cdfe83b04387ac49173c3ade86bd4ebdaf4cd60
  specs:
    galetahub-simple_captcha (0.1.3)

GIT
  remote: git://github.com/rspec/rspec-core.git
  revision: ba9b62d07a4a1f0e194012ee9a06107d569a11a4
  specs:
    rspec-core (2.9.0)

GIT
  remote: git://github.com/rspec/rspec-expectations.git
  revision: 40cbc305eecd98f428df8f925f9ac2a2337cfde0
  specs:
    rspec-expectations (2.9.1)
      diff-lcs (~> 1.1.3)

GIT
  remote: git://github.com/rspec/rspec-mocks.git
  revision: 2478a16cdbee481bee733eab2652dbcf0a8e505b
  specs:
    rspec-mocks (2.9.0)

GIT
  remote: git://github.com/rspec/rspec-rails.git
  revision: dbcdcf746bb627ff87236f159a776a8721ee8aff
  specs:
    rspec-rails (2.9.0)
      actionpack (>= 3.0)
      activesupport (>= 3.0)
      railties (>= 3.0)
      rspec (~> 2.9.0)

GIT
  remote: git://github.com/rspec/rspec.git
  revision: c4c9d9808a8ec5c7f5e988578dce867a53a7b0dd
  specs:
    rspec (2.9.0)
      rspec-core (~> 2.9.0)
      rspec-expectations (~> 2.9.0)
      rspec-mocks (~> 2.9.0)

GIT
  remote: git://github.com/seyhunak/twitter-bootstrap-rails.git
  revision: ea411bb37a7f46ce2cb4667c4daf5a57a323954f
  specs:
    twitter-bootstrap-rails (2.0.6)
      actionpack (>= 3.1)
      less-rails (~> 2.2.0)
      railties (>= 3.1)

GEM
  remote: http://rubygems.org/
  specs:
    POpen4 (0.1.4)
      Platform (>= 0.4.0)
      open4
    Platform (0.4.0)
    ZenTest (4.7.0)
    acl9 (0.12.0)
    actionmailer (3.2.3)
      actionpack (= 3.2.3)
      mail (~> 2.4.4)
    actionpack (3.2.3)
      activemodel (= 3.2.3)
      activesupport (= 3.2.3)
      builder (~> 3.0.0)
      erubis (~> 2.7.0)
      journey (~> 1.0.1)
      rack (~> 1.4.0)
      rack-cache (~> 1.2)
      rack-test (~> 0.6.1)
      sprockets (~> 2.1.2)
    activemodel (3.2.3)
      activesupport (= 3.2.3)
      builder (~> 3.0.0)
    activerecord (3.2.3)
      activemodel (= 3.2.3)
      activesupport (= 3.2.3)
      arel (~> 3.0.2)
      tzinfo (~> 0.3.29)
    activerecord-import (0.2.9)
      activerecord (~> 3.0)
      activerecord (~> 3.0)
    activeresource (3.2.3)
      activemodel (= 3.2.3)
      activesupport (= 3.2.3)
    activesupport (3.2.3)
      i18n (~> 0.6)
      multi_json (~> 1.0)
    addressable (2.2.7)
    airbrake (3.0.9)
      activesupport
      builder
    arel (3.0.2)
    awesome_nested_set (2.1.2)
      activerecord (>= 3.0.0)
    backup (3.0.23)
      POpen4 (~> 0.1.4)
      thor (~> 0.14.6)
    bcrypt-ruby (3.0.1)
    builder (3.0.0)
    capistrano (2.11.2)
      highline
      net-scp (>= 1.0.0)
      net-sftp (>= 2.0.0)
      net-ssh (>= 2.0.14)
      net-ssh-gateway (>= 1.1.0)
    capybara (1.1.2)
      mime-types (>= 1.16)
      nokogiri (>= 1.3.3)
      rack (>= 1.0.0)
      rack-test (>= 0.5.4)
      selenium-webdriver (~> 2.0)
      xpath (~> 0.1.4)
    childprocess (0.3.1)
      ffi (~> 1.0.6)
    chronic (0.6.7)
    cocaine (0.2.1)
    coderay (1.0.6)
    coffee-rails (3.2.2)
      coffee-script (>= 2.2.0)
      railties (~> 3.2.0)
    coffee-script (2.2.0)
      coffee-script-source
      execjs
    coffee-script-source (1.2.0)
    commonjs (0.2.5)
    daemons (1.1.8)
    dalli (2.0.2)
    delayed_job (3.0.2)
      activesupport (~> 3.0)
    delayed_job_active_record (0.3.2)
      activerecord (> 2.1.0)
      delayed_job (~> 3.0.0)
    devise (2.0.4)
      bcrypt-ruby (~> 3.0)
      orm_adapter (~> 0.0.3)
      railties (~> 3.1)
      warden (~> 1.1.1)
    diff-lcs (1.1.3)
    em-websocket (0.3.6)
      addressable (>= 2.1.1)
      eventmachine (>= 0.12.9)
    email_spec (1.2.1)
      mail (~> 2.2)
      rspec (~> 2.0)
    erubis (2.7.0)
    escape (0.0.4)
    eventmachine (0.12.10)
    execjs (1.3.0)
      multi_json (~> 1.0)
    factory_girl (3.1.0)
      activesupport (>= 3.0.0)
    factory_girl_rails (3.1.0)
      factory_girl (~> 3.1.0)
      railties (>= 3.0.0)
    faker (1.0.1)
      i18n (~> 0.4)
    fastercsv (1.5.4)
    fattr (2.2.1)
    ffi (1.0.11)
    foreman (0.41.0)
      thor (>= 0.13.6)
    guard (1.0.1)
      ffi (>= 0.5.0)
      thor (~> 0.14.6)
    guard-livereload (0.4.2)
      em-websocket (>= 0.2.0)
      guard (>= 0.10.0)
      multi_json (~> 1.0)
    haml (3.1.4)
    highline (1.6.11)
    hike (1.2.1)
    hpricot (0.8.6)
    i18n (0.6.0)
    journey (1.0.3)
    jquery-rails (2.0.2)
      railties (>= 3.2.0, < 5.0)
      thor (~> 0.14)
    json (1.6.6)
    launchy (2.1.0)
      addressable (~> 2.2.6)
    less (2.1.0)
      commonjs (~> 0.2.0)
      therubyracer (~> 0.10.0)
    less-rails (2.2.0)
      actionpack (>= 3.1)
      less (~> 2.1.0)
    libnotify (0.7.2)
    libv8 (3.3.10.4)
    mail (2.4.4)
      i18n (>= 0.4.0)
      mime-types (~> 1.16)
      treetop (~> 1.4.8)
    method_source (0.7.1)
    mime-types (1.18)
    multi_json (1.2.0)
    net-scp (1.0.4)
      net-ssh (>= 1.99.1)
    net-sftp (2.0.5)
      net-ssh (>= 2.0.9)
    net-ssh (2.3.0)
    net-ssh-gateway (1.1.0)
      net-ssh (>= 1.99.1)
    newrelic_rpm (3.3.3)
    nokogiri (1.5.2)
    notifier (0.1.4)
    open4 (1.3.0)
    options (2.3.0)
      fattr
    orm_adapter (0.0.7)
    paperclip (3.0.1)
      activemodel (>= 3.0.0)
      activerecord (>= 3.0.0)
      activesupport (>= 3.0.0)
      cocaine (>= 0.0.2)
      mime-types
    pdfkit (0.4.6)
    pg (0.13.2)
    pg_search (0.4.1)
      activerecord (>= 3)
      activesupport (>= 3)
    polyglot (0.3.3)
    pr_geohash (1.0.0)
    progress_bar (0.4.0)
      highline (~> 1.6.1)
      options (~> 2.3.0)
    pry (0.9.8.4)
      coderay (~> 1.0.5)
      method_source (~> 0.7.1)
      slop (>= 2.4.4, < 3)
    rack (1.4.1)
    rack-cache (1.2)
      rack (>= 0.4)
    rack-ssl (1.3.2)
      rack
    rack-test (0.6.1)
      rack (>= 1.0)
    rails (3.2.3)
      actionmailer (= 3.2.3)
      actionpack (= 3.2.3)
      activerecord (= 3.2.3)
      activeresource (= 3.2.3)
      activesupport (= 3.2.3)
      bundler (~> 1.0)
      railties (= 3.2.3)
    railties (3.2.3)
      actionpack (= 3.2.3)
      activesupport (= 3.2.3)
      rack-ssl (~> 1.3.2)
      rake (>= 0.8.7)
      rdoc (~> 3.4)
      thor (~> 0.14.6)
    rake (0.9.2.2)
    rb-inotify (0.8.8)
      ffi (>= 0.5.0)
    rdoc (3.12)
      json (~> 1.4)
    rmagick (2.13.1)
    rsolr (1.0.7)
      builder (>= 2.1.2)
    ruby-prof (0.10.8)
    ruby_parser (2.3.1)
      sexp_processor (~> 3.0)
    rubyzip (0.9.6.1)
    sass (3.1.15)
    sass-rails (3.2.5)
      railties (~> 3.2.0)
      sass (>= 3.1.10)
      tilt (~> 1.3)
    selenium-webdriver (2.20.0)
      childprocess (>= 0.2.5)
      ffi (~> 1.0)
      multi_json (~> 1.0)
      rubyzip
    serenity-odt (0.2.1)
      rubyzip (>= 0.9.1)
    sexp_processor (3.1.0)
    silent-postgres (0.1.1)
    simple_form (2.0.1)
      actionpack (~> 3.0)
      activemodel (~> 3.0)
    slop (2.4.4)
    spork (0.9.0)
    sprockets (2.1.2)
      hike (~> 1.2)
      rack (~> 1.0)
      tilt (~> 1.1, != 1.3.0)
    sunspot (1.3.1)
      escape (~> 0.0.4)
      pr_geohash (~> 1.0)
      rsolr (~> 1.0.7)
    sunspot_rails (1.3.1)
      nokogiri
      sunspot (= 1.3.1)
    sunspot_solr (1.3.1)
      escape (~> 0.0.4)
    test_notifier (1.0.0)
      notifier
    therubyracer (0.10.1)
      libv8 (~> 3.3.10)
    thin (1.3.1)
      daemons (>= 1.0.9)
      eventmachine (>= 0.12.6)
      rack (>= 1.0.0)
    thor (0.14.6)
    tilt (1.3.3)
    tiny_mce (0.1.8)
    treetop (1.4.10)
      polyglot
      polyglot (>= 0.3.1)
    tzinfo (0.3.32)
    uglifier (1.2.4)
      execjs (>= 0.3.0)
      multi_json (>= 1.0.2)
    warden (1.1.1)
      rack (>= 1.0)
    whenever (0.7.3)
      activesupport (>= 2.3.4)
      chronic (~> 0.6.3)
    will_paginate (3.0.3)
    xpath (0.1.4)
      nokogiri (~> 1.3)

PLATFORMS
  ruby

DEPENDENCIES
  ZenTest
  acl9
  activerecord-import (~> 0.2.9)
  admin_data!
  airbrake
  annotate!
  awesome_nested_set
  backup
  capistrano
  capybara
  coffee-rails (~> 3.2.1)
  daemons
  dalli
  delayed_job
  delayed_job_active_record
  devise
  email_spec
  factory_girl_rails
  faker
  fastercsv
  foreman
  galetahub-simple_captcha!
  guard
  guard-livereload
  haml
  highline
  hpricot
  jquery-rails
  launchy
  libnotify
  newrelic_rpm
  nokogiri
  paperclip
  pdfkit (= 0.4.6)
  pg
  pg_search
  progress_bar
  pry
  rails (= 3.2.3)
  rb-inotify
  rmagick
  rspec!
  rspec-core!
  rspec-expectations!
  rspec-mocks!
  rspec-rails!
  ruby-prof
  ruby_parser
  sass-rails (~> 3.2.3)
  serenity-odt
  silent-postgres
  simple_form
  spork
  sunspot_rails
  sunspot_solr
  test_notifier
  thin
  tiny_mce
  twitter-bootstrap-rails!
  uglifier (>= 1.0.3)
  whenever
  will_paginate
